GIT
  remote: git@github.com:puppetlabs/showoff.git
  revision: ab06bc47d064a45d68273c2affca40622166b9af
  specs:
    showoff (0.9.1)
      gli (>= 1.3.2)
      json
      nokogiri
      parslet
      redcarpet
      sinatra (~> 1.3)

GEM
  specs:
    blankslate (2.1.2.4)
    gli (2.0.0)
    json (1.8.0)
    nokogiri (1.5.10)
    parslet (1.5.0)
      blankslate (~> 2.0)
    pdfkit (0.5.4)
    rack (1.5.2)
    rack-protection (1.5.0)
      rack
    redcarpet (2.1.1)
    rmagick (2.13.2)
    sinatra (1.4.3)
      rack (~> 1.4)
      rack-protection (~> 1.4)
      tilt (~> 1.3, >= 1.3.4)
    tilt (1.4.1)

PLATFORMS
  ruby

DEPENDENCIES
  pdfkit
  rmagick
  showoff!
